GEM
  remote: https://rubygems.org/
  specs:
    activemodel (4.2.8)
      activesupport (= 4.2.8)
      builder (~> 3.1)
    activesupport (4.2.8)
      i18n (~> 0.7)
      minitest (~> 5.1)
      thread_safe (~> 0.3, >= 0.3.4)
      tzinfo (~> 1.1)
    blockenspiel (0.5.0)
    bson (4.2.1)
    builder (3.2.3)
    domain_name (0.5.20170404)
      unf (>= 0.0.5, < 1.0.0)
    et-orbi (1.0.3)
      tzinfo
    ffi (1.9.18-x86-mingw32)
    http-cookie (1.0.3)
      domain_name (~> 0.5)
    i18n (0.8.1)
    mime-types (3.1)
      mime-types-data (~> 3.2015)
    mime-types-data (3.2016.0521)
    minitest (5.10.1)
    mongo (2.4.1)
      bson (>= 4.2.1, < 5.0.0)
    mongoid (5.2.1)
      activemodel (~> 4.0)
      mongo (>= 2.4.1, < 3.0.0)
      origin (~> 2.3)
      tzinfo (>= 0.3.37)
    netrc (0.11.0)
    origin (2.3.0)
    rake (12.0.0)
    require_all (1.4.0)
    rest-client (2.0.2-x86-mingw32)
      ffi (~> 1.9)
      http-cookie (>= 1.0.2, < 2.0)
      mime-types (>= 1.16, < 4.0)
      netrc (~> 0.8)
    rufus-scheduler (3.4.0)
      et-orbi (~> 1.0)
    thread_safe (0.3.6)
    tzinfo (1.2.3)
      thread_safe (~> 0.1)
    unf (0.1.4)
      unf_ext
    unf_ext (0.0.7.4-x86-mingw32)
    versionomy (0.5.0)
      blockenspiel (~> 0.5)

PLATFORMS
  x86-mingw32

DEPENDENCIES
  minitest
  mongoid (~> 5.0)
  rake
  require_all
  rest-client
  rufus-scheduler
  versionomy

RUBY VERSION
   ruby 2.3.3p222

BUNDLED WITH
   1.14.6
