GEM
  remote: https://rubygems.org/
  specs:
    activemodel (4.1.2)
      activesupport (= 4.1.2)
      builder (~> 3.1)
    activesupport (4.1.2)
      i18n (~> 0.6, >= 0.6.9)
      json (~> 1.7, >= 1.7.7)
      minitest (~> 5.1)
      thread_safe (~> 0.1)
      tzinfo (~> 1.1)
    blockenspiel (0.4.5)
    bson (2.3.0)
    builder (3.2.2)
    connection_pool (2.0.0)
    i18n (0.6.9)
    json (1.8.1)
    mime-types (2.3)
    mini_portile (0.6.0)
    minitest (5.3.5)
    mongoid (4.0.0)
      activemodel (~> 4.0)
      moped (~> 2.0.0)
      origin (~> 2.1)
      tzinfo (>= 0.3.37)
    moped (2.0.0)
      bson (~> 2.2)
      connection_pool (~> 2.0)
      optionable (~> 0.2.0)
    nokogiri (1.6.2.1-x86-mingw32)
      mini_portile (= 0.6.0)
    optionable (0.2.0)
    origin (2.1.1)
    rake (10.3.2)
    require_all (1.3.2)
    rest-client (1.6.7)
      mime-types (>= 1.16)
    rufus-scheduler (3.0.8)
      tzinfo
    thread_safe (0.3.4)
    tzinfo (1.2.1)
      thread_safe (~> 0.1)
    versionomy (0.4.4)
      blockenspiel (>= 0.4.5)

PLATFORMS
  x86-mingw32

DEPENDENCIES
  json
  minitest
  mongoid (~> 4.0)
  nokogiri
  rake
  require_all
  rest-client
  rufus-scheduler
  versionomy
