GEM
  remote: https://rubygems.org/
  specs:
    activemodel (4.2.10)
      activesupport (= 4.2.10)
      builder (~> 3.1)
    activesupport (4.2.10)
      i18n (~> 0.7)
      minitest (~> 5.1)
      thread_safe (~> 0.3, >= 0.3.4)
      tzinfo (~> 1.1)
    addressable (2.5.2)
      public_suffix (>= 2.0.2, < 4.0)
    ast (2.4.0)
    blockenspiel (0.5.0)
    bson (4.3.0)
    builder (3.2.3)
    concurrent-ruby (1.0.5)
    domain_name (0.5.20180417)
      unf (>= 0.0.5, < 1.0.0)
    et-orbi (1.1.4)
      tzinfo
    faraday (0.15.2)
      multipart-post (>= 1.2, < 3)
    ffi (1.9.25-x86-mingw32)
    fugit (1.1.4)
      et-orbi (~> 1.1, >= 1.1.3)
      raabro (~> 1.1)
    http-cookie (1.0.3)
      domain_name (~> 0.5)
    i18n (0.9.5)
      concurrent-ruby (~> 1.0)
    jaro_winkler (1.5.1)
    mime-types (3.1)
      mime-types-data (~> 3.2015)
    mime-types-data (3.2016.0521)
    minitest (5.11.3)
    mongo (2.6.1)
      bson (>= 4.3.0, < 5.0.0)
    mongoid (5.4.0)
      activemodel (~> 4.0)
      mongo (>= 2.5.1, < 3.0.0)
      origin (~> 2.3)
      tzinfo (>= 0.3.37)
    multipart-post (2.0.0)
    netrc (0.11.0)
    octokit (4.9.0)
      sawyer (~> 0.8.0, >= 0.5.3)
    origin (2.3.1)
    parallel (1.12.1)
    parser (2.5.1.2)
      ast (~> 2.4.0)
    powerpack (0.1.2)
    public_suffix (3.0.2)
    raabro (1.1.6)
    rainbow (3.0.0)
    rake (12.3.1)
    require_all (2.0.0)
    rest-client (2.0.2-x86-mingw32)
      ffi (~> 1.9)
      http-cookie (>= 1.0.2, < 2.0)
      mime-types (>= 1.16, < 4.0)
      netrc (~> 0.8)
    rubocop (0.58.2)
      jaro_winkler (~> 1.5.1)
      parallel (~> 1.10)
      parser (>= 2.5, != 2.5.1.1)
      powerpack (~> 0.1)
      rainbow (>= 2.2.2, < 4.0)
      ruby-progressbar (~> 1.7)
      unicode-display_width (~> 1.0, >= 1.0.1)
    ruby-progressbar (1.9.0)
    rufus-scheduler (3.5.1)
      fugit (~> 1.1, >= 1.1.4)
    sawyer (0.8.1)
      addressable (>= 2.3.5, < 2.6)
      faraday (~> 0.8, < 1.0)
    thread_safe (0.3.6)
    tzinfo (1.2.5)
      thread_safe (~> 0.1)
    unf (0.1.4)
      unf_ext
    unf_ext (0.0.7.5-x86-mingw32)
    unicode-display_width (1.4.0)
    versionomy (0.5.0)
      blockenspiel (~> 0.5)

PLATFORMS
  x86-mingw32

DEPENDENCIES
  minitest
  mongoid (~> 5.0)
  octokit (~> 4.0)
  rake
  require_all
  rest-client
  rubocop
  rufus-scheduler
  versionomy

RUBY VERSION
   ruby 2.4.2p198

BUNDLED WITH
   1.16.1
